GEM
  remote: http://rubygems.org/
  specs:
    actionmailer (2.3.5)
      actionpack (= 2.3.5)
    actionpack (2.3.5)
      activesupport (= 2.3.5)
      rack (~> 1.0.0)
    activerecord (2.3.5)
      activesupport (= 2.3.5)
    activeresource (2.3.5)
      activesupport (= 2.3.5)
    activesupport (2.3.5)
    authlogic (2.1.2)
      activesupport
    coderay (0.9.8)
    configatron (2.5.1)
      yamler (>= 0.1.0)
    edavis10-object_daddy (0.4.3)
    haml (2.2.8)
    i18n (0.4.2)
    json (1.8.1)
    mail_form (1.0.0)
    maruku (0.6.0)
      syntax (>= 1.0.0)
    metaclass (0.0.4)
    mocha (1.1.0)
      metaclass (~> 0.0.1)
    paperclip (2.3.1.1)
    rack (1.0.1)
    rails (2.3.5)
      actionmailer (= 2.3.5)
      actionpack (= 2.3.5)
      activerecord (= 2.3.5)
      activeresource (= 2.3.5)
      activesupport (= 2.3.5)
      rake (>= 0.8.3)
    rake (10.3.2)
    rdoc (4.1.2)
      json (~> 1.4)
    ruby-openid (2.5.0)
    rubytree (0.5.3)
    shoulda (2.10.3)
    syntax (1.2.0)
    will_paginate (2.3.11)
    yamler (0.1.0)

PLATFORMS
  x86-mingw32

DEPENDENCIES
  activerecord-jdbcmysql-adapter
  activerecord-jdbcpostgresql-adapter
  activerecord-jdbcsqlite3-adapter
  authlogic (= 2.1.2)
  coderay (~> 0.9.7)
  configatron (= 2.5.1)
  edavis10-object_daddy
  haml (= 2.2.8)
  i18n (< 0.5)
  jruby-openssl
  mail_form (= 1.0.0)
  maruku (= 0.6.0)
  mocha
  mysql
  mysql2 (~> 0.2.7)
  paperclip (= 2.3.1.1)
  pg (~> 0.9.0)
  rails (= 2.3.5)
  rdoc (>= 2.4.2)
  ruby-openid
  rubytree (< 0.6)
  shoulda (~> 2.10.3)
  sqlite3-ruby (< 1.3)
  will_paginate (= 2.3.11)
